PATH
  remote: .
  specs:
    dpm (0.0.2)
      gli (= 2.13.4)

GEM
  remote: https://rubygems.org/
  specs:
    aruba (0.13.0)
      childprocess (~> 0.5.6)
      contracts (~> 0.9)
      cucumber (>= 1.3.19)
      ffi (~> 1.9.10)
      rspec-expectations (>= 2.99)
      thor (~> 0.19)
    builder (3.2.2)
    childprocess (0.5.9)
      ffi (~> 1.0, >= 1.0.11)
    colorize (0.7.7)
    contracts (0.13.0)
    crack (0.4.3)
      safe_yaml (~> 1.0.0)
    cucumber (2.3.2)
      builder (>= 2.1.2)
      cucumber-core (~> 1.4.0)
      cucumber-wire (~> 0.0.1)
      diff-lcs (>= 1.1.3)
      gherkin (~> 3.2.0)
      multi_json (>= 1.7.5, < 2.0)
      multi_test (>= 0.1.2)
    cucumber-core (1.4.0)
      gherkin (~> 3.2.0)
    cucumber-wire (0.0.1)
    diff-lcs (1.2.5)
    ffi (1.9.10)
    gherkin (3.2.0)
    gli (2.13.4)
    json (1.8.3)
    multi_json (1.11.2)
    multi_test (0.1.2)
    open_uri_redirections (0.2.1)
    progressbar (0.21.0)
    rake (10.5.0)
    rdoc (4.2.1)
      json (~> 1.4)
    rspec-expectations (3.4.0)
      diff-lcs (>= 1.2.0, < 2.0)
      rspec-support (~> 3.4.0)
    rspec-support (3.4.1)
    rubyzip (1.1.7)
    safe_yaml (1.0.4)
    thor (0.19.1)

PLATFORMS
  ruby

DEPENDENCIES
  aruba
  colorize
  crack
  dpm!
  open_uri_redirections
  progressbar
  rake
  rdoc
  rubyzip (>= 1.0.0)

BUNDLED WITH
   1.10.6
